GEM
  remote: https://rubygems.org/
  specs:
    base64 (0.2.0)
    bigdecimal (3.1.8)
    concurrent-ruby (1.3.3)
    haml (6.3.0)
      temple (>= 0.8.2)
      thor
      tilt
    mustermann (3.0.0)
      ruby2_keywords (~> 0.0.1)
    nio4r (2.7.3)
    pg (1.5.6)
    puma (6.4.2)
      nio4r (~> 2.0)
    rack (3.1.3)
    rack-protection (4.0.0)
      base64 (>= 0.1.0)
      rack (>= 3.0.0, < 4)
    rack-session (2.0.0)
      rack (>= 3.0.0)
    rackup (2.1.0)
      rack (>= 3)
      webrick (~> 1.8)
    ruby2_keywords (0.0.5)
    sequel (5.81.0)
      bigdecimal
    sinatra (4.0.0)
      mustermann (~> 3.0)
      rack (>= 3.0.0, < 4)
      rack-protection (= 4.0.0)
      rack-session (>= 2.0.0, < 3)
      tilt (~> 2.0)
    sinatra-sequel (0.9.0)
      sequel (>= 3.2.0)
      sinatra (>= 0.9.4)
    temple (0.10.3)
    thor (1.3.1)
    tilt (2.3.0)
    tzinfo (2.0.6)
      concurrent-ruby (~> 1.0)
    webrick (1.8.1)

PLATFORMS
  x86_64-darwin-20

DEPENDENCIES
  haml
  pg
  puma
  rack (~> 3)
  rackup
  sequel
  sinatra
  sinatra-sequel
  tzinfo

RUBY VERSION
   ruby 3.1.1p18

BUNDLED WITH
   2.3.7
